GEM
  remote: https://rubygems.org/
  specs:
    closure-compiler (1.1.10)
    coffee-script (2.2.0)
      coffee-script-source
      execjs
    coffee-script-source (1.6.3)
    columnize (0.3.6)
    daemons (1.1.9)
    dalli (2.6.4)
    debugger (1.6.1)
      columnize (>= 0.3.1)
      debugger-linecache (~> 1.2.0)
      debugger-ruby_core_source (~> 1.2.3)
    debugger-linecache (1.2.0)
    debugger-ruby_core_source (1.2.3)
    eco (1.0.0)
      coffee-script
      eco-source
      execjs
    eco-source (1.1.0.rc.1)
    erubis (2.7.0)
    eventmachine (1.0.3)
    execjs (2.0.1)
    hike (1.2.3)
    json (1.7.7)
    memcachier (0.0.2)
    multi_json (1.8.0)
    rack (1.5.2)
    rack-protection (1.5.0)
      rack
    sinatra (1.4.3)
      rack (~> 1.4)
      rack-protection (~> 1.4)
      tilt (~> 1.3, >= 1.3.4)
    sprockets (2.9.3)
      hike (~> 1.2)
      multi_json (~> 1.0)
      rack (~> 1.0)
      tilt (~> 1.1, != 1.3.0)
    sprockets-commonjs (0.0.6)
      sprockets (~> 2.9.2)
    stylus (0.7.2)
      execjs
      stylus-source
    stylus-source (0.31.0)
    thin (1.5.1)
      daemons (>= 1.0.9)
      eventmachine (>= 0.12.6)
      rack (>= 1.0.0)
    tilt (1.4.1)
    uglifier (2.2.1)
      execjs (>= 0.3.0)
      multi_json (~> 1.0, >= 1.0.2)
    yui-compressor (0.11.0)

PLATFORMS
  ruby

DEPENDENCIES
  closure-compiler
  coffee-script
  dalli
  debugger
  eco
  erubis
  json (~> 1.7.7)
  memcachier
  sinatra
  sprockets
  sprockets-commonjs (= 0.0.6)
  stylus
  stylus-source (= 0.31.0)
  thin
  uglifier
  yui-compressor
